GEM
  remote: https://rubygems.org/
  specs:
    httparty (0.21.0)
      mini_mime (>= 1.0.0)
      multi_xml (>= 0.5.2)
    mini_mime (1.1.2)
    multi_xml (0.6.0)

PLATFORMS
  ruby

DEPENDENCIES
  httparty

RUBY VERSION
   ruby 2.7.0p0

BUNDLED WITH
   2.1.2
